GIT
  remote: https://github.com/aidalgol/middleman-inliner.git
  revision: e57b7e1d47d66b162756b125bc4c42cca29a5ede
  branch: mm4-fix
  specs:
    middleman-inliner (1.0.0)

GIT
  remote: https://github.com/plasticine/middleman-imageoptim.git
  revision: feae9a7635b4eb6b4f9d0750eb5a31191034cc58
  specs:
    middleman-imageoptim (0.2.1)
      image_optim (~> 0.20.2)
      image_optim_pack (~> 0.2.1)
      middleman-cli
      middleman-core (>= 3.1)

GEM
  remote: https://rubygems.org/
  remote: https://rails-assets.org/
  specs:
    activesupport (5.0.2)
      concurrent-ruby (~> 1.0, >= 1.0.2)
      i18n (~> 0.7)
      minitest (~> 5.1)
      tzinfo (~> 1.1)
    addressable (2.5.0)
      public_suffix (~> 2.0, >= 2.0.2)
    autoprefixer-rails (6.7.7)
      execjs
    backports (3.6.8)
    builder (3.2.3)
    coffee-script (2.4.1)
      coffee-script-source
      execjs
    coffee-script-source (1.12.2)
    compass-import-once (1.0.5)
      sass (>= 3.2, < 3.5)
    concurrent-ruby (1.0.5)
    contracts (0.13.0)
    docile (1.1.5)
    dotenv (2.2.0)
    em-websocket (0.5.1)
      eventmachine (>= 0.12.9)
      http_parser.rb (~> 0.6.0)
    erubis (2.7.0)
    eventmachine (1.2.3)
    execjs (2.7.0)
    exifr (1.2.5)
    fast_blank (1.0.0)
    fastimage (2.1.0)
    favicon_maker (1.3.1)
      docile (~> 1.1)
    ffi (1.9.18)
    font-awesome-middleman (4.2.1)
      middleman-core (>= 3.0.0)
    fspath (2.1.1)
    haml (4.0.7)
      tilt
    hamster (3.0.0)
      concurrent-ruby (~> 1.0)
    hashie (3.5.5)
    http_parser.rb (0.6.0)
    i18n (0.7.0)
    image_optim (0.20.2)
      exifr (~> 1.1, >= 1.1.3)
      fspath (~> 2.1)
      image_size (~> 1.3)
      in_threads (~> 1.3)
      progress (~> 3.0, >= 3.0.1)
    image_optim_pack (0.2.3)
      fspath (>= 2.1, < 4)
      image_optim (~> 0.19)
    image_size (1.5.0)
    in_threads (1.3.1)
    inline_svg (0.11.1)
      activesupport (>= 4.0)
      loofah (>= 2.0)
      nokogiri (~> 1.6)
    jquery-middleman (3.1.2)
      thor (>= 0.14, < 2.0)
    kramdown (1.13.2)
    listen (3.0.8)
      rb-fsevent (~> 0.9, >= 0.9.4)
      rb-inotify (~> 0.9, >= 0.9.7)
    loofah (2.0.3)
      nokogiri (>= 1.5.9)
    memoist (0.15.0)
    middleman (4.2.1)
      coffee-script (~> 2.2)
      compass-import-once (= 1.0.5)
      haml (>= 4.0.5)
      kramdown (~> 1.2)
      middleman-cli (= 4.2.1)
      middleman-core (= 4.2.1)
      sass (>= 3.4.0, < 4.0)
    middleman-autoprefixer (2.7.1)
      autoprefixer-rails (>= 6.5.2, < 7.0.0)
      middleman-core (>= 3.3.3)
    middleman-cli (4.2.1)
      thor (>= 0.17.0, < 2.0)
    middleman-core (4.2.1)
      activesupport (>= 4.2, < 5.1)
      addressable (~> 2.3)
      backports (~> 3.6)
      bundler (~> 1.1)
      contracts (~> 0.13.0)
      dotenv
      erubis
      execjs (~> 2.0)
      fast_blank
      fastimage (~> 2.0)
      hamster (~> 3.0)
      hashie (~> 3.4)
      i18n (~> 0.7.0)
      listen (~> 3.0.0)
      memoist (~> 0.14)
      padrino-helpers (~> 0.13.0)
      parallel
      rack (>= 1.4.5, < 3)
      sass (>= 3.4)
      servolux
      tilt (~> 2.0)
      uglifier (~> 3.0)
    middleman-favicon-maker (4.0.4)
      favicon_maker (~> 1.3, >= 1.3.1)
      middleman-core (~> 4.0)
    middleman-google-analytics (3.0.0)
      activesupport (>= 4.1, < 5.1)
      erubis
      middleman-core (>= 3.4)
      uglifier (>= 2.5, < 4.0)
    middleman-livereload (3.4.6)
      em-websocket (~> 0.5.1)
      middleman-core (>= 3.3)
      rack-livereload (~> 0.3.15)
    middleman-meta-tags (0.3.0)
      middleman-core (>= 3.0.0)
    middleman-robots (1.2.3)
      middleman (>= 4.0)
    middleman-sprockets (4.1.0)
      middleman-core (~> 4.0)
      sprockets (>= 3.0)
    mini_portile2 (2.1.0)
    minitest (5.10.1)
    nokogiri (1.7.0.1)
      mini_portile2 (~> 2.1.0)
    padrino-helpers (0.13.3.3)
      i18n (~> 0.6, >= 0.6.7)
      padrino-support (= 0.13.3.3)
      tilt (>= 1.4.1, < 3)
    padrino-support (0.13.3.3)
      activesupport (>= 3.1)
    parallel (1.11.1)
    progress (3.3.1)
    public_suffix (2.0.5)
    rack (2.0.1)
    rack-livereload (0.3.16)
      rack
    rails-assets-bootstrap (4.0.0.alpha.6)
      rails-assets-jquery (>= 1.9.1)
      rails-assets-tether (>= 1.4.0, < 2)
    rails-assets-countUp.js (1.8.2)
    rails-assets-jquery (3.1.1)
    rails-assets-moment (2.17.1)
    rails-assets-tether (1.4.0)
    rb-fsevent (0.9.8)
    rb-inotify (0.9.8)
      ffi (>= 0.5.0)
    sass (3.4.23)
    servolux (0.12.0)
    slim (3.0.7)
      temple (~> 0.7.6)
      tilt (>= 1.3.3, < 2.1)
    sprockets (3.7.1)
      concurrent-ruby (~> 1.0)
      rack (> 1, < 3)
    temple (0.7.7)
    thor (0.19.4)
    thread_safe (0.3.6)
    tilt (2.0.6)
    tzinfo (1.2.2)
      thread_safe (~> 0.1)
    uglifier (3.1.7)
      execjs (>= 0.3.0, < 3)

PLATFORMS
  ruby

DEPENDENCIES
  builder
  font-awesome-middleman
  inline_svg (~> 0.11.1)
  jquery-middleman
  middleman (~> 4.2.1)
  middleman-autoprefixer
  middleman-favicon-maker (~> 4.0)
  middleman-google-analytics (~> 3.0)
  middleman-imageoptim!
  middleman-inliner!
  middleman-livereload
  middleman-meta-tags
  middleman-robots
  middleman-sprockets
  rails-assets-bootstrap (= 4.0.0.alpha.6)!
  rails-assets-countUp.js (~> 1.8.2)!
  rails-assets-moment (~> 2.17.1)!
  rails-assets-tether!
  slim

RUBY VERSION
   ruby 2.3.0p0

BUNDLED WITH
   1.14.6
